GEM
  specs:
    facets (3.1.0)
    glimmer (0.1.9.470)
      facets (= 3.1.0)
      os (= 1.0.0)
    os (1.0.0)

PLATFORMS
  java

DEPENDENCIES
  glimmer (~> 0.1.9.470)

BUNDLED WITH
   1.17.1
